NUGET
  remote: https://nuget.org/api/v2
  specs:
    Foq (1.7)
    NHamcrest (1.2.1)
    xunit (1.9.1)
